GEM
  remote: http://rubygems.org/
  specs:
    haml (3.1.7)
    sass (3.2.1)

PLATFORMS
  x86-mingw32

DEPENDENCIES
  haml
  sass
