GEM
  remote: https://rubygems.org/
  specs:
    bundle (0.0.1)
      bundler
    haml (3.1.7)
    rack (1.4.1)
    rack-protection (1.2.0)
      rack
    sass (3.2.1)
    shotgun (0.9)
      rack (>= 1.0)
    sinatra (1.3.3)
      rack (~> 1.3, >= 1.3.6)
      rack-protection (~> 1.2)
      tilt (~> 1.3, >= 1.3.3)
    sinatra-partial (0.3.2)
      sinatra
    tilt (1.3.3)

PLATFORMS
  ruby
  x86-mingw32

DEPENDENCIES
  bundle
  haml
  sass
  shotgun
  sinatra
  sinatra-partial
